GEM
  remote: https://rubygems.org/
  specs:
    activemodel (6.0.0)
      activesupport (= 6.0.0)
    activerecord (6.0.0)
      activemodel (= 6.0.0)
      activesupport (= 6.0.0)
    activesupport (6.0.0)
      concurrent-ruby (~> 1.0, >= 1.0.2)
      i18n (>= 0.7, < 2)
      minitest (~> 5.1)
      tzinfo (~> 1.1)
      zeitwerk (~> 2.1, >= 2.1.8)
    addressable (2.7.0)
      public_suffix (>= 2.0.2, < 5.0)
    ansi (1.5.0)
    capybara (3.29.0)
      addressable
      mini_mime (>= 0.1.3)
      nokogiri (~> 1.8)
      rack (>= 1.6.0)
      rack-test (>= 0.6.3)
      regexp_parser (~> 1.5)
      xpath (~> 3.2)
    coderay (1.1.2)
    concurrent-ruby (1.1.5)
    curb (0.9.10)
    diff-lcs (1.3)
    docile (1.3.2)
    dotenv (2.7.5)
    em-websocket (0.5.1)
      eventmachine (>= 0.12.9)
      http_parser.rb (~> 0.6.0)
    eventmachine (1.2.7)
    ffi (1.11.1)
    formatador (0.2.5)
    guard (2.15.1)
      formatador (>= 0.2.4)
      listen (>= 2.7, < 4.0)
      lumberjack (>= 1.0.12, < 2.0)
      nenv (~> 0.1)
      notiffany (~> 0.0)
      pry (>= 0.9.12)
      shellany (~> 0.0)
      thor (>= 0.18.1)
    guard-compat (1.2.1)
    guard-livereload (2.5.2)
      em-websocket (~> 0.5)
      guard (~> 2.8)
      guard-compat (~> 1.0)
      multi_json (~> 1.8)
    http_parser.rb (0.6.0)
    hue (0.2.0)
      curb
      json
      log_switch (= 0.4.0)
      thor
    i18n (1.7.0)
      concurrent-ruby (~> 1.0)
    json (2.2.0)
    listen (3.2.0)
      rb-fsevent (~> 0.10, >= 0.10.3)
      rb-inotify (~> 0.9, >= 0.9.10)
    log_switch (0.4.0)
    lumberjack (1.0.13)
    method_source (0.9.2)
    mini_mime (1.0.2)
    mini_portile2 (2.4.0)
    minitest (5.12.2)
    multi_json (1.13.1)
    mustermann (1.0.3)
    nenv (0.3.0)
    nokogiri (1.10.4)
      mini_portile2 (~> 2.4.0)
    notiffany (0.1.3)
      nenv (~> 0.1)
      shellany (~> 0.0)
    pry (0.12.2)
      coderay (~> 1.1.0)
      method_source (~> 0.9.0)
    public_suffix (4.0.1)
    rack (2.0.7)
    rack-protection (2.0.7)
      rack
    rack-test (1.1.0)
      rack (>= 1.0, < 3)
    rake (13.0.0)
    rb-fsevent (0.10.3)
    rb-inotify (0.10.0)
      ffi (~> 1.0)
    regexp_parser (1.6.0)
    rspec (3.8.0)
      rspec-core (~> 3.8.0)
      rspec-expectations (~> 3.8.0)
      rspec-mocks (~> 3.8.0)
    rspec-core (3.8.2)
      rspec-support (~> 3.8.0)
    rspec-expectations (3.8.6)
      diff-lcs (>= 1.2.0, < 2.0)
      rspec-support (~> 3.8.0)
    rspec-mocks (3.8.2)
      diff-lcs (>= 1.2.0, < 2.0)
      rspec-support (~> 3.8.0)
    rspec-support (3.8.3)
    shellany (0.0.1)
    simplecov (0.17.1)
      docile (~> 1.1)
      json (>= 1.8, < 3)
      simplecov-html (~> 0.10.0)
    simplecov-console (0.5.0)
      ansi
      simplecov
      terminal-table
    simplecov-html (0.10.2)
    sinatra (2.0.7)
      mustermann (~> 1.0)
      rack (~> 2.0)
      rack-protection (= 2.0.7)
      tilt (~> 2.0)
    sinatra-activerecord (2.0.14)
      activerecord (>= 3.2)
      sinatra (>= 1.0)
    terminal-table (1.8.0)
      unicode-display_width (~> 1.1, >= 1.1.1)
    thor (0.20.3)
    thread_safe (0.3.6)
    tilt (2.0.10)
    tzinfo (1.2.5)
      thread_safe (~> 0.1)
    unicode-display_width (1.6.0)
    xpath (3.2.0)
      nokogiri (~> 1.8)
    zeitwerk (2.2.0)

PLATFORMS
  ruby

DEPENDENCIES
  activerecord
  capybara
  dotenv
  guard-livereload
  hue
  rake
  rspec
  simplecov
  simplecov-console
  sinatra
  sinatra-activerecord

RUBY VERSION
   ruby 2.6.3p62

BUNDLED WITH
   2.0.2
